PATH
  remote: .
  specs:
    activestack (0.0.1)
      stackdo (~> 0.0.4, >= 0.0.4)

GEM
  remote: https://rubygems.org/
  specs:
    binding_of_caller (0.7.2)
      debug_inspector (>= 0.0.1)
    debug_inspector (0.0.2)
    stackdo (0.0.4)
      binding_of_caller (~> 0.7.2, >= 0.7.2)

PLATFORMS
  ruby

DEPENDENCIES
  activestack!

BUNDLED WITH
   1.12.5
